GEM
  remote: https://rubygems.org/
  specs:
    gimei (0.5.1)
      romaji
    rake (13.0.1)
    romaji (0.2.4)
      rake (>= 0.8.0)

PLATFORMS
  ruby

DEPENDENCIES
  gimei

BUNDLED WITH
   1.17.2
